GEM
  specs:
    ansi (1.5.0)
    ast (2.4.2)
    coderay (1.1.3)
    method_source (1.1.0)
    oga (3.4)
      ast
      ruby-ll (~> 2.1)
    pry (0.14.2)
      coderay (~> 1.1)
      method_source (~> 1.0)
    ruby-ll (2.1.3)
      ansi
      ast

PLATFORMS
  ruby

DEPENDENCIES
  oga
  pry

BUNDLED WITH
   2.4.10
